GEM
  remote: https://rubygems.org/
  specs:
    daemons (1.2.2)
    json (1.8.3)
    mini_portile (0.6.2)
    newrelic_plugin (1.3.1)
      json
    nokogiri (1.6.6.2)
      mini_portile (~> 0.6.0)
    passenger (5.0.10)
      rack
      rake (>= 0.8.1)
    power_assert (0.2.3)
    rack (1.6.2)
    rake (10.4.2)
    test-unit (3.1.2)
      power_assert

PLATFORMS
  ruby

DEPENDENCIES
  daemons
  newrelic_plugin
  nokogiri
  passenger
  rake
  test-unit

BUNDLED WITH
   1.10.3
