GEM
  remote: https://rubygems.org/
  specs:
    daemon_controller (1.2.0)
    daemons (1.1.9)
    json (1.8.1)
    mini_portile (0.6.0)
    newrelic_plugin (1.3.1)
      json
    nokogiri (1.6.3.1)
      mini_portile (= 0.6.0)
    passenger (4.0.50)
      daemon_controller (>= 1.2.0)
      rack
      rake (>= 0.8.1)
    power_assert (0.1.3)
    rack (1.5.2)
    rake (10.3.2)
    test-unit (3.0.1)
      power_assert

PLATFORMS
  ruby

DEPENDENCIES
  daemons
  newrelic_plugin
  nokogiri
  passenger
  rake
  test-unit
